GEM
  remote: https://rubygems.org/
  specs:
    addressable (2.5.2)
      public_suffix (>= 2.0.2, < 4.0)
    css_parser (1.6.0)
      addressable
    htmlentities (4.3.4)
    mini_portile2 (2.3.0)
    nokogiri (1.8.2)
      mini_portile2 (~> 2.3.0)
    premailer (1.11.1)
      addressable
      css_parser (>= 1.6.0)
      htmlentities (>= 4.0.0)
    public_suffix (3.0.1)

PLATFORMS
  ruby

DEPENDENCIES
  nokogiri
  premailer

RUBY VERSION
   ruby 2.4.2p198

BUNDLED WITH
   1.16.1
