GEM
  remote: https://rubygems.org/
  specs:
    addressable (2.4.0)
    css_parser (1.3.7)
      addressable
    htmlentities (4.3.4)
    premailer (1.8.6)
      css_parser (>= 1.3.6)
      htmlentities (>= 4.0.0)

PLATFORMS
  ruby

DEPENDENCIES
  premailer
